PATH
  remote: .
  specs:
    itamae-specinfra-command (0.1.1)
      itamae
      specinfra

GEM
  remote: https://rubygems.org/
  specs:
    ansi (1.5.0)
    coderay (1.1.2)
    hashie (3.5.7)
    itamae (1.9.11)
      ansi
      hashie
      schash (~> 0.1.0)
      specinfra (>= 2.64.0, < 3.0.0)
      thor
    method_source (0.9.0)
    net-scp (1.2.1)
      net-ssh (>= 2.6.5)
    net-ssh (4.2.0)
    net-telnet (0.1.1)
    pry (0.11.3)
      coderay (~> 1.1.0)
      method_source (~> 0.9.0)
    rake (10.5.0)
    schash (0.1.2)
    sfl (2.3)
    specinfra (2.73.1)
      net-scp
      net-ssh (>= 2.7, < 5.0)
      net-telnet
      sfl
    thor (0.20.0)

PLATFORMS
  ruby

DEPENDENCIES
  bundler (~> 1.7)
  itamae-specinfra-command!
  pry
  rake (~> 10.0)

BUNDLED WITH
   1.16.1
